GEM
  remote: http://rubygems.org/
  specs:
    addressable (2.2.2)
    builder (2.1.2)
    ci_reporter (1.6.3)
      builder (>= 2.1.2)
    cucumber (0.9.4)
      builder (~> 2.1.2)
      diff-lcs (~> 1.1.2)
      gherkin (~> 2.2.9)
      json (~> 1.4.6)
      term-ansicolor (~> 1.0.5)
    data_mapper (1.0.2)
      dm-aggregates (= 1.0.2)
      dm-constraints (= 1.0.2)
      dm-core (= 1.0.2)
      dm-migrations (= 1.0.2)
      dm-serializer (= 1.0.2)
      dm-timestamps (= 1.0.2)
      dm-transactions (= 1.0.2)
      dm-types (= 1.0.2)
      dm-validations (= 1.0.2)
    data_objects (0.10.2)
      addressable (~> 2.1)
    diff-lcs (1.1.2)
    dm-aggregates (1.0.2)
      dm-core (~> 1.0.2)
    dm-constraints (1.0.2)
      dm-core (~> 1.0.2)
      dm-migrations (~> 1.0.2)
    dm-core (1.0.2)
      addressable (~> 2.2)
      extlib (~> 0.9.15)
    dm-do-adapter (1.0.2)
      data_objects (~> 0.10.2)
      dm-core (~> 1.0.2)
    dm-migrations (1.0.2)
      dm-core (~> 1.0.2)
    dm-mysql-adapter (1.0.2)
      dm-do-adapter (~> 1.0.2)
      do_mysql (~> 0.10.2)
    dm-postgres-adapter (1.0.2)
      dm-do-adapter (~> 1.0.2)
      do_postgres (~> 0.10.2)
    dm-serializer (1.0.2)
      dm-core (~> 1.0.2)
      fastercsv (~> 1.5.3)
      json_pure (~> 1.4)
    dm-timestamps (1.0.2)
      dm-core (~> 1.0.2)
    dm-transactions (1.0.2)
      dm-core (~> 1.0.2)
    dm-types (1.0.2)
      dm-core (~> 1.0.2)
      fastercsv (~> 1.5.3)
      json_pure (~> 1.4)
      stringex (~> 1.1.0)
      uuidtools (~> 2.1.1)
    dm-validations (1.0.2)
      dm-core (~> 1.0.2)
    do_mysql (0.10.2)
      data_objects (= 0.10.2)
    do_postgres (0.10.2)
      data_objects (= 0.10.2)
    extlib (0.9.15)
    fastercsv (1.5.3)
    gherkin (2.2.9)
      json (~> 1.4.6)
      term-ansicolor (~> 1.0.5)
    json (1.4.6)
    json_pure (1.4.6)
    libxml-ruby (1.1.4)
    log4r (1.1.9)
    rack (1.2.1)
    rcov (0.9.9)
    rspec (2.2.0)
      rspec-core (~> 2.2)
      rspec-expectations (~> 2.2)
      rspec-mocks (~> 2.2)
    rspec-core (2.2.1)
    rspec-expectations (2.2.0)
      diff-lcs (~> 1.1.2)
    rspec-mocks (2.2.0)
    sinatra (1.1.0)
      rack (~> 1.1)
      tilt (~> 1.1)
    stringex (1.1.0)
    sys-filesystem (0.3.4)
    term-ansicolor (1.0.5)
    tilt (1.1)
    uuidtools (2.1.1)

PLATFORMS
  ruby

DEPENDENCIES
  builder (>= 2.1.0)
  ci_reporter (>= 1.6.2)
  cucumber (>= 0.8.5)
  data_mapper (>= 1.0.0)
  dm-mysql-adapter (>= 1.0.0)
  dm-postgres-adapter (>= 1.0.0)
  libxml-ruby
  log4r (>= 1.1.5)
  rcov (>= 0.9.8)
  rspec (>= 1.3.0)
  sinatra (>= 1.0.0)
  sys-filesystem (>= 0.3.2)
